GEM
  remote: http://rubygems.org/
  specs:
    haml (3.1.7)
    mime-types (1.19)
    rack (1.5.1)
    rack-protection (1.3.2)
      rack
    redis (3.0.2)
    rest-client (1.6.7)
      mime-types (>= 1.16)
    sinatra (1.3.4)
      rack (~> 1.4)
      rack-protection (~> 1.3)
      tilt (~> 1.3, >= 1.3.3)
    tilt (1.3.3)

PLATFORMS
  ruby

DEPENDENCIES
  haml
  redis
  rest-client
  sinatra
